GEM
  remote: http://rubygems.org/
  specs:
    bson (1.8.2)
    haml (3.1.7)
    mongo (1.8.2)
      bson (~> 1.8.2)
    rack (1.5.1)
    rack-protection (1.3.2)
      rack
    redcarpet (2.2.2)
    sinatra (1.3.4)
      rack (~> 1.4)
      rack-protection (~> 1.3)
      tilt (~> 1.3, >= 1.3.3)
    tilt (1.3.3)

PLATFORMS
  ruby

DEPENDENCIES
  haml
  mongo
  redcarpet
  sinatra
